GEM
  specs:
    i18n (0.7.0)
    ordinalize_full (1.3.0)
      i18n (~> 0.7.0)

PLATFORMS
  ruby

DEPENDENCIES
  ordinalize_full

BUNDLED WITH
   1.10.6
